GIT
  remote: git://github.com/getsentry/raven-ruby.git
  revision: 84755dd1537195de2275d9677ecd8fc311111d46
  specs:
    sentry-raven (0.9.2)
      faraday (>= 0.7.6)
      hashie (>= 1.1.0)
      uuidtools

GIT
  remote: git://github.com/rkh/coder.git
  revision: 44b0cf89b98caecc654dd1a724a448e17ef7aa6c
  specs:
    coder (0.4.0)

GIT
  remote: git://github.com/travis-ci/travis-support.git
  revision: f1cbac986f09ee4045b3d381b6519adb95ab5695
  ref: f1cbac9
  specs:
    travis-support (0.0.1)

GEM
  remote: https://rubygems.org/
  specs:
    activesupport (3.2.18)
      i18n (~> 0.6, >= 0.6.4)
      multi_json (~> 1.0)
    atomic (1.1.16-java)
    avl_tree (1.1.3)
    aws-sdk (1.42.0)
      json (~> 1.4)
      nokogiri (>= 1.4.4)
    bouncy-castle-java (1.5.0147)
    celluloid (0.15.2)
      timers (~> 1.1.0)
    connection_pool (2.0.0)
    diff-lcs (1.2.5)
    faraday (0.8.9)
      multipart-post (~> 1.2.0)
    hashie (3.0.0)
    hashr (0.0.22)
    hitimes (1.2.1-java)
    httpclient (2.3.4.1)
    i18n (0.6.9)
    jdbc-postgres (9.3.1101)
    jruby-openssl (0.8.10)
      bouncy-castle-java (>= 1.5.0147)
    json (1.8.1-java)
    march_hare (2.3.0-java)
    metriks (0.9.9.6)
      atomic (~> 1.0)
      avl_tree (~> 1.1.2)
      hitimes (~> 1.1)
    metriks-librato_metrics (1.0.2)
      metriks (>= 0.9.9.6)
    multi_json (1.10.1)
    multipart-post (1.2.0)
    nokogiri (1.6.2.1-java)
    pusher (0.12.0)
      httpclient (~> 2.3.0)
      multi_json (~> 1.0)
      signature (~> 0.1.6)
    rake (10.3.2)
    redis (3.0.7)
    redis-namespace (1.4.1)
      redis (~> 3.0.4)
    rspec (2.14.1)
      rspec-core (~> 2.14.0)
      rspec-expectations (~> 2.14.0)
      rspec-mocks (~> 2.14.0)
    rspec-core (2.14.8)
    rspec-expectations (2.14.5)
      diff-lcs (>= 1.1.3, < 2.0)
    rspec-mocks (2.14.6)
    sequel (4.0.0)
    sidekiq (3.1.3)
      celluloid (>= 0.15.2)
      connection_pool (>= 2.0.0)
      json
      redis (>= 3.0.6)
      redis-namespace (>= 1.3.1)
    signature (0.1.7)
    timers (1.1.0)
    uuidtools (2.1.4)

PLATFORMS
  java

DEPENDENCIES
  activesupport (~> 3.2)
  aws-sdk
  coder!
  faraday (~> 0.8.8)
  hashr
  jdbc-postgres (= 9.3.1101)
  jruby-openssl (~> 0.8.8)
  json (~> 1.8.0)
  march_hare (~> 2.3.0)
  metriks
  metriks-librato_metrics
  pusher (~> 0.12.0)
  rake
  rspec (~> 2.14.1)
  sentry-raven!
  sequel (~> 4.0.0)
  sidekiq
  travis-support!
