GIT
  remote: git://github.com/getsentry/raven-ruby.git
  revision: a07adb1fcbe4b11d938e2af236eb2063d2a22c32
  specs:
    sentry-raven (0.4.8)
      faraday (>= 0.7.6)
      hashie (>= 1.1.0)
      multi_json (~> 1.0)
      uuidtools

GIT
  remote: git://github.com/jamesgolick/rollout.git
  revision: 3e7312cc018061b1ac6a8aeb9f11bbd0331da889
  ref: v1.1.0
  specs:
    rollout (1.1.0)

GIT
  remote: git://github.com/travis-ci/travis-sidekiqs.git
  revision: df0b0c183dfbf4a55c0925dba0df412c690db05b
  specs:
    travis-sidekiqs (0.0.1)
      sidekiq (~> 2.8.0)

GIT
  remote: git://github.com/travis-ci/travis-support.git
  revision: c0add49c71ff3c788b4b7e5b63c11d3896d9847d
  specs:
    travis-support (0.0.1)

GIT
  remote: https://gist.github.com/2087829.git
  revision: c766c06b0bdbda3bd96c3f4e376249cafcbbfaaa
  specs:
    micro_migrations (0.0.1)

GEM
  remote: https://rubygems.org/
  specs:
    activemodel (3.2.13)
      activesupport (= 3.2.13)
      builder (~> 3.0.0)
    activerecord (3.2.13)
      activemodel (= 3.2.13)
      activesupport (= 3.2.13)
      arel (~> 3.0.2)
      tzinfo (~> 0.3.29)
    activerecord-jdbc-adapter (1.2.9)
    activerecord-jdbcpostgresql-adapter (1.2.9)
      activerecord-jdbc-adapter (~> 1.2.9)
      jdbc-postgres (>= 9.1, < 9.3)
    activesupport (3.2.13)
      i18n (= 0.6.1)
      multi_json (~> 1.0)
    addressable (2.3.4)
    arel (3.0.2)
    atomic (1.1.9-java)
    avl_tree (1.1.3)
    aws-sdk (1.10.0)
      json (~> 1.4)
      nokogiri (>= 1.4.4)
      uuidtools (~> 2.1)
    bouncy-castle-java (1.5.0147)
    builder (3.0.4)
    celluloid (0.12.4)
      facter (>= 1.6.12)
      timers (>= 1.0.0)
    coder (0.3.0)
    coderay (1.0.9)
    connection_pool (1.0.0)
    crack (0.3.2)
    dalli (2.6.3)
    database_cleaner (0.7.2)
    diff-lcs (1.1.3)
    facter (1.7.1)
    faraday (0.8.7)
      multipart-post (~> 1.1)
    ffi (1.8.1-java)
    formatador (0.2.4)
    guard (1.8.0)
      formatador (>= 0.2.4)
      listen (>= 1.0.0)
      lumberjack (>= 1.0.2)
      pry (>= 0.9.10)
      thor (>= 0.14.6)
    guard-rspec (1.2.1)
      guard (>= 1.1)
    hashie (2.0.5)
    hashr (0.0.22)
    hitimes (1.2.1-java)
    hot_bunnies (1.3.8-java)
    i18n (0.6.1)
    jdbc-postgres (9.2.1002.1)
    jruby-openssl (0.8.8)
      bouncy-castle-java (>= 1.5.0147)
    json (1.8.0-java)
    listen (1.1.3)
      rb-fsevent (>= 0.9.3)
      rb-inotify (>= 0.9)
      rb-kqueue (>= 0.2)
    lumberjack (1.0.3)
    metaclass (0.0.1)
    method_source (0.8.1)
    metriks (0.9.9.4)
      atomic (~> 1.0)
      avl_tree (~> 1.1.2)
      hitimes (~> 1.1)
    mocha (0.10.5)
      metaclass (~> 0.0.1)
    multi_json (1.7.3)
    multipart-post (1.2.0)
    newrelic_rpm (3.3.5)
    nokogiri (1.5.9-java)
    pry (0.9.12.2-java)
      coderay (~> 1.0.5)
      method_source (~> 0.8)
      slop (~> 3.4)
      spoon (~> 0.0)
    pusher (0.11.3)
      multi_json (~> 1.0)
      signature (~> 0.1.6)
    rb-fsevent (0.9.3)
    rb-inotify (0.9.0)
      ffi (>= 0.5.0)
    rb-kqueue (0.2.0)
      ffi (>= 0.5.0)
    redis (3.0.4)
    redis-namespace (1.3.0)
      redis (~> 3.0.0)
    rspec (2.7.0)
      rspec-core (~> 2.7.0)
      rspec-expectations (~> 2.7.0)
      rspec-mocks (~> 2.7.0)
    rspec-core (2.7.1)
    rspec-expectations (2.7.0)
      diff-lcs (~> 1.1.2)
    rspec-mocks (2.7.0)
    sidekiq (2.8.0)
      celluloid (~> 0.12.0)
      connection_pool (~> 1.0)
      multi_json (~> 1)
      redis (~> 3)
      redis-namespace
    signature (0.1.7)
    slop (3.4.5)
    spoon (0.0.4)
      ffi
    thor (0.18.1)
    timers (1.1.0)
    tzinfo (0.3.37)
    uuidtools (2.1.4)
    webmock (1.8.11)
      addressable (>= 2.2.7)
      crack (>= 0.1.7)

PLATFORMS
  java

DEPENDENCIES
  activerecord (~> 3.2.13)
  activerecord-jdbcpostgresql-adapter (~> 1.2.9)
  aws-sdk
  coder (~> 0.3.0)
  dalli
  database_cleaner (~> 0.7.1)
  guard
  guard-rspec
  hashr
  hot_bunnies (~> 1.3.4)
  jruby-openssl (~> 0.8.8)
  metriks (~> 0.9.9.4)
  micro_migrations!
  mocha (~> 0.10.0)
  newrelic_rpm (~> 3.3.2)
  pusher (~> 0.11.3)
  rollout!
  rspec (~> 2.7.0)
  sentry-raven!
  sidekiq
  signature (~> 0.1.6)
  travis-sidekiqs!
  travis-support!
  webmock (~> 1.8.0)
